PATH
  remote: .
  specs:
    kontena-registrator (0.0.1)

PATH
  remote: vendor/kontena/kontena-etcd
  specs:
    kontena-etcd (0.1.0)
      etcd (~> 0.3.0)

GEM
  remote: https://rubygems.org/
  specs:
    celluloid (0.17.3)
      celluloid-essentials
      celluloid-extras
      celluloid-fsm
      celluloid-pool
      celluloid-supervision
      timers (>= 4.1.1)
    celluloid-essentials (0.20.5)
      timers (>= 4.1.1)
    celluloid-extras (0.20.5)
      timers (>= 4.1.1)
    celluloid-fsm (0.20.5)
      timers (>= 4.1.1)
    celluloid-pool (0.20.5)
      timers (>= 4.1.1)
    celluloid-supervision (0.20.6)
      timers (>= 4.1.1)
    diff-lcs (1.2.5)
    docker-api (1.33.0)
      excon (>= 0.38.0)
      json
    etcd (0.3.0)
      mixlib-log
    excon (0.54.0)
    hitimes (1.2.4)
    json (2.0.2)
    mixlib-log (1.7.1)
    rspec (3.5.0)
      rspec-core (~> 3.5.0)
      rspec-expectations (~> 3.5.0)
      rspec-mocks (~> 3.5.0)
    rspec-core (3.5.4)
      rspec-support (~> 3.5.0)
    rspec-expectations (3.5.0)
      diff-lcs (>= 1.2.0, < 2.0)
      rspec-support (~> 3.5.0)
    rspec-mocks (3.5.0)
      diff-lcs (>= 1.2.0, < 2.0)
      rspec-support (~> 3.5.0)
    rspec-support (3.5.0)
    timers (4.1.2)
      hitimes

PLATFORMS
  ruby

DEPENDENCIES
  celluloid (~> 0.17.3)!
  docker-api (~> 1.33.0)!
  kontena-etcd!
  kontena-registrator!
  rspec (~> 3.5)!

RUBY VERSION
   ruby 2.3.1p112

BUNDLED WITH
   1.13.5
